STORAGE: NONE
NUGET
  remote: https://api.nuget.org/v3/index.json
    Avalonia (11.0.3) - restriction: >= netstandard2.0
      Avalonia.BuildServices (>= 0.0.29) - restriction: || (>= net461) (>= netstandard2.0)
      Avalonia.Remote.Protocol (>= 11.0.3) - restriction: || (>= net461) (>= netstandard2.0)
      MicroCom.Runtime (>= 0.11) - restriction: || (>= net461) (>= netstandard2.0)
      Microsoft.Bcl.AsyncInterfaces (>= 6.0) - restriction: || (>= net461) (&& (< net6.0) (>= netcoreapp2.0)) (&& (< netcoreapp2.0) (>= netstandard2.0))
      System.ComponentModel.Annotations (>= 4.5) - restriction: || (>= net461) (>= netstandard2.0)
      System.Memory (>= 4.5.3) - restriction: || (>= net461) (&& (< net6.0) (>= netcoreapp2.0)) (&& (< netcoreapp2.0) (>= netstandard2.0))
      System.Runtime.CompilerServices.Unsafe (>= 4.6) - restriction: || (>= net461) (&& (< net6.0) (>= netcoreapp2.0)) (&& (< netcoreapp2.0) (>= netstandard2.0))
      System.Threading.Tasks.Extensions (>= 4.5.4) - restriction: || (>= net461) (&& (< net6.0) (>= netcoreapp2.0)) (&& (< netcoreapp2.0) (>= netstandard2.0))
      System.ValueTuple (>= 4.5) - restriction: || (>= net461) (&& (< net6.0) (>= netcoreapp2.0)) (&& (< netcoreapp2.0) (>= netstandard2.0))
    Avalonia.Angle.Windows.Natives (2.1.0.2023020321) - restriction: >= netstandard2.0
    Avalonia.BuildServices (0.0.29) - restriction: >= netstandard2.0
    Avalonia.Controls.ColorPicker (11.0.3) - restriction: >= netstandard2.0
      Avalonia (>= 11.0.3) - restriction: >= netstandard2.0
      Avalonia.Remote.Protocol (>= 11.0.3) - restriction: >= netstandard2.0
    Avalonia.Controls.DataGrid (11.0.3) - restriction: >= netstandard2.0
      Avalonia (>= 11.0.3) - restriction: >= netstandard2.0
      Avalonia.Remote.Protocol (>= 11.0.3) - restriction: >= netstandard2.0
    Avalonia.Desktop (11.0.3)
      Avalonia (>= 11.0.3) - restriction: >= netstandard2.0
      Avalonia.Native (>= 11.0.3) - restriction: >= netstandard2.0
      Avalonia.Skia (>= 11.0.3) - restriction: >= netstandard2.0
      Avalonia.Win32 (>= 11.0.3) - restriction: >= netstandard2.0
      Avalonia.X11 (>= 11.0.3) - restriction: >= netstandard2.0
    Avalonia.Diagnostics (11.0.3)
      Avalonia (>= 11.0.3) - restriction: >= netstandard2.0
      Avalonia.Controls.ColorPicker (>= 11.0.3) - restriction: >= netstandard2.0
      Avalonia.Controls.DataGrid (>= 11.0.3) - restriction: >= netstandard2.0
      Avalonia.Themes.Simple (>= 11.0.3) - restriction: >= netstandard2.0
      Microsoft.CodeAnalysis.Common (>= 3.8) - restriction: >= netstandard2.0
      Microsoft.CodeAnalysis.CSharp.Scripting (>= 3.8) - restriction: >= netstandard2.0
    Avalonia.FreeDesktop (11.0.3) - restriction: >= netstandard2.0
      Avalonia (>= 11.0.3) - restriction: >= netstandard2.0
      Tmds.DBus.Protocol (>= 0.15) - restriction: >= netstandard2.0
    Avalonia.FuncUI (1.0.1)
      Avalonia (>= 11.0) - restriction: >= net6.0
      Avalonia.Controls.DataGrid (>= 11.0) - restriction: >= net6.0
      FSharp.Core (>= 7.0.300) - restriction: >= net6.0
    Avalonia.FuncUI.Elmish (1.0.1)
      Avalonia.FuncUI (>= 1.0.1) - restriction: >= net6.0
      Elmish (>= 4.0) - restriction: >= net6.0
      FSharp.Core (>= 7.0.300) - restriction: >= net6.0
    Avalonia.Native (11.0.3) - restriction: >= netstandard2.0
      Avalonia (>= 11.0.3) - restriction: >= netstandard2.0
    Avalonia.Remote.Protocol (11.0.3) - restriction: >= netstandard2.0
    Avalonia.Skia (11.0.3) - restriction: >= netstandard2.0
      Avalonia (>= 11.0.3) - restriction: >= netstandard2.0
      HarfBuzzSharp (>= 2.8.2.3) - restriction: >= netstandard2.0
      HarfBuzzSharp.NativeAssets.Linux (>= 2.8.2.3) - restriction: >= netstandard2.0
      HarfBuzzSharp.NativeAssets.WebAssembly (>= 2.8.2.3) - restriction: >= netstandard2.0
      SkiaSharp (>= 2.88.3) - restriction: >= netstandard2.0
      SkiaSharp.NativeAssets.Linux (>= 2.88.3) - restriction: >= netstandard2.0
      SkiaSharp.NativeAssets.WebAssembly (>= 2.88.3) - restriction: >= netstandard2.0
    Avalonia.Themes.Fluent (11.0.3)
      Avalonia (>= 11.0.3) - restriction: >= netstandard2.0
    Avalonia.Themes.Simple (11.0.3) - restriction: >= netstandard2.0
      Avalonia (>= 11.0.3) - restriction: >= netstandard2.0
    Avalonia.Win32 (11.0.3) - restriction: >= netstandard2.0
      Avalonia (>= 11.0.3) - restriction: >= netstandard2.0
      Avalonia.Angle.Windows.Natives (>= 2.1.0.2023020321) - restriction: >= netstandard2.0
      System.Drawing.Common (>= 4.5) - restriction: && (< net6.0) (>= netstandard2.0)
      System.Drawing.Common (>= 6.0) - restriction: >= net6.0
      System.Numerics.Vectors (>= 4.5) - restriction: >= netstandard2.0
    Avalonia.X11 (11.0.3) - restriction: >= netstandard2.0
      Avalonia (>= 11.0.3) - restriction: >= netstandard2.0
      Avalonia.FreeDesktop (>= 11.0.3) - restriction: >= netstandard2.0
      Avalonia.Skia (>= 11.0.3) - restriction: >= netstandard2.0
    Elmish (4.0.2) - restriction: >= net6.0
    FSharp.Compiler.Service (43.7.300)
      FSharp.Core (7.0.300) - restriction: >= netstandard2.0
      System.Buffers (>= 4.5.1) - restriction: >= netstandard2.0
      System.Collections.Immutable (>= 6.0) - restriction: >= netstandard2.0
      System.Diagnostics.DiagnosticSource (>= 6.0) - restriction: >= netstandard2.0
      System.Memory (>= 4.5.5) - restriction: >= netstandard2.0
      System.Reflection.Emit (>= 4.7) - restriction: >= netstandard2.0
      System.Reflection.Metadata (>= 6.0.1) - restriction: >= netstandard2.0
      System.Runtime.CompilerServices.Unsafe (>= 6.0) - restriction: >= netstandard2.0
    FSharp.Core (7.0.300) - content: none
    HarfBuzzSharp (2.8.2.3) - restriction: >= netstandard2.0
      HarfBuzzSharp.NativeAssets.Android (>= 2.8.2.3) - restriction: || (&& (>= monoandroid) (< netstandard1.3)) (>= net6.0-android)
      HarfBuzzSharp.NativeAssets.iOS (>= 2.8.2.3) - restriction: || (&& (< net6.0) (>= xamarinios)) (>= net6.0-ios)
      HarfBuzzSharp.NativeAssets.macOS (>= 2.8.2.3) - restriction: || (&& (< monoandroid) (< net5.0) (>= netcoreapp3.1) (< xamarinios) (< xamarinmac) (< xamarintvos) (< xamarinwatchos)) (&& (< monoandroid) (>= net6.0) (< xamarinios) (< xamarinmac) (< xamarintvos) (< xamarinwatchos)) (&& (< monoandroid) (>= netstandard1.3) (< netstandard2.0) (< uap10.1) (< xamarintvos) (< xamarinwatchos)) (>= net462) (&& (>= net5.0) (< net6.0) (< xamarinios) (< xamarinmac) (< xamarintvos) (< xamarinwatchos)) (&& (< net6.0) (>= xamarinmac)) (>= net6.0-macos) (&& (< netcoreapp3.1) (>= netstandard2.1) (< xamarinios) (< xamarinmac) (< xamarintvos) (< xamarinwatchos)) (&& (>= netstandard2.0) (< netstandard2.1) (< xamarintvos) (< xamarinwatchos))
      HarfBuzzSharp.NativeAssets.tvOS (>= 2.8.2.3) - restriction: || (&& (< net6.0) (>= xamarintvos)) (>= net6.0-tvos)
      HarfBuzzSharp.NativeAssets.watchOS (>= 2.8.2.3) - restriction: >= xamarinwatchos
      HarfBuzzSharp.NativeAssets.Win32 (>= 2.8.2.3) - restriction: || (&& (< monoandroid) (< net5.0) (>= netcoreapp3.1) (< xamarinios) (< xamarinmac) (< xamarintvos) (< xamarinwatchos)) (&& (< monoandroid) (>= net6.0) (< xamarinios) (< xamarinmac) (< xamarintvos) (< xamarinwatchos)) (&& (< monoandroid) (>= netstandard1.3) (< netstandard2.0) (< uap10.1) (< xamarintvos) (< xamarinwatchos)) (>= net462) (&& (>= net5.0) (< net6.0) (< xamarinios) (< xamarinmac) (< xamarintvos) (< xamarinwatchos)) (&& (< netcoreapp3.1) (>= netstandard2.1) (< xamarinios) (< xamarinmac) (< xamarintvos) (< xamarinwatchos)) (&& (>= netstandard2.0) (< netstandard2.1) (< xamarintvos) (< xamarinwatchos))
      System.Memory (>= 4.5.3) - restriction: || (&& (< monoandroid) (>= netstandard1.3) (< netstandard2.0) (< xamarintvos) (< xamarinwatchos)) (>= net462) (&& (>= netstandard2.0) (< netstandard2.1) (< xamarintvos) (< xamarinwatchos)) (>= tizen4.0) (>= uap10.1)
    HarfBuzzSharp.NativeAssets.Android (2.8.2.3) - restriction: || (&& (>= monoandroid) (< netstandard1.3) (>= netstandard2.0)) (>= net6.0-android)
    HarfBuzzSharp.NativeAssets.iOS (2.8.2.3) - restriction: || (&& (< net6.0) (>= xamarinios)) (>= net6.0-ios)
    HarfBuzzSharp.NativeAssets.Linux (2.8.2.3) - restriction: >= netstandard2.0
      HarfBuzzSharp (>= 2.8.2.3) - restriction: >= netstandard1.3
    HarfBuzzSharp.NativeAssets.macOS (2.8.2.3) - restriction: || (&& (< monoandroid) (< net5.0) (>= netcoreapp3.1) (< xamarinios) (< xamarinmac) (< xamarintvos) (< xamarinwatchos)) (&& (< monoandroid) (>= net6.0) (< xamarinios) (< xamarinmac) (< xamarintvos) (< xamarinwatchos)) (&& (>= net462) (>= netstandard2.0)) (&& (>= net5.0) (< net6.0) (< xamarinios) (< xamarinmac) (< xamarintvos) (< xamarinwatchos)) (&& (< net6.0) (>= xamarinmac)) (>= net6.0-macos) (&& (< netcoreapp3.1) (>= netstandard2.1) (< xamarinios) (< xamarinmac) (< xamarintvos) (< xamarinwatchos)) (&& (>= netstandard2.0) (< netstandard2.1) (< xamarintvos) (< xamarinwatchos))
    HarfBuzzSharp.NativeAssets.tvOS (2.8.2.3) - restriction: || (&& (< net6.0) (>= netstandard2.0) (>= xamarintvos)) (>= net6.0-tvos)
    HarfBuzzSharp.NativeAssets.watchOS (2.8.2.3) - restriction: && (>= netstandard2.0) (>= xamarinwatchos)
    HarfBuzzSharp.NativeAssets.WebAssembly (2.8.2.3) - restriction: >= netstandard2.0
    HarfBuzzSharp.NativeAssets.Win32 (2.8.2.3) - restriction: || (&& (< monoandroid) (< net5.0) (>= netcoreapp3.1) (< xamarinios) (< xamarinmac) (< xamarintvos) (< xamarinwatchos)) (&& (< monoandroid) (>= net6.0) (< xamarinios) (< xamarinmac) (< xamarintvos) (< xamarinwatchos)) (&& (>= net462) (>= netstandard2.0)) (&& (>= net5.0) (< net6.0) (< xamarinios) (< xamarinmac) (< xamarintvos) (< xamarinwatchos)) (&& (< netcoreapp3.1) (>= netstandard2.1) (< xamarinios) (< xamarinmac) (< xamarintvos) (< xamarinwatchos)) (&& (>= netstandard2.0) (< netstandard2.1) (< xamarintvos) (< xamarinwatchos))
    MessagePack (2.5.124) - restriction: >= netstandard2.0
      MessagePack.Annotations (>= 2.5.124) - restriction: >= netstandard2.0
      Microsoft.Bcl.AsyncInterfaces (>= 6.0) - restriction: && (< net6.0) (>= netstandard2.0)
      Microsoft.NET.StringTools (>= 17.6.3) - restriction: >= netstandard2.0
      System.Collections.Immutable (>= 6.0) - restriction: && (< net6.0) (>= netstandard2.0)
      System.Reflection.Emit (>= 4.7) - restriction: && (< net6.0) (>= netstandard2.0)
      System.Reflection.Emit.Lightweight (>= 4.7) - restriction: && (< net6.0) (>= netstandard2.0)
      System.Runtime.CompilerServices.Unsafe (>= 6.0) - restriction: >= netstandard2.0
      System.Threading.Tasks.Extensions (>= 4.5.4) - restriction: && (< net6.0) (>= netstandard2.0)
    MessagePack.Annotations (2.5.124) - restriction: >= netstandard2.0
    MessagePack.FSharpExtensions (4.0)
      FSharp.Core (>= 7.0.200) - restriction: >= netstandard2.0
      MessagePack (>= 2.4.59) - restriction: >= netstandard2.0
    MicroCom.Runtime (0.11) - restriction: >= netstandard2.0
    Microsoft.Bcl.AsyncInterfaces (7.0) - restriction: || (&& (>= net461) (>= netstandard2.0)) (&& (< net6.0) (>= netcoreapp2.0)) (&& (< netcoreapp2.0) (>= netstandard2.0))
      System.Threading.Tasks.Extensions (>= 4.5.4) - restriction: || (>= net462) (&& (>= netstandard2.0) (< netstandard2.1))
    Microsoft.CodeAnalysis.Analyzers (3.3.4) - restriction: >= netstandard2.0
    Microsoft.CodeAnalysis.Common (4.6) - restriction: >= netstandard2.0
      Microsoft.CodeAnalysis.Analyzers (>= 3.3.4) - restriction: >= netstandard2.0
      System.Collections.Immutable (>= 7.0) - restriction: >= netstandard2.0
      System.Memory (>= 4.5.5) - restriction: && (< net6.0) (>= netstandard2.0)
      System.Reflection.Metadata (>= 7.0) - restriction: >= netstandard2.0
      System.Runtime.CompilerServices.Unsafe (>= 6.0) - restriction: >= netstandard2.0
      System.Text.Encoding.CodePages (>= 7.0) - restriction: >= netstandard2.0
      System.Threading.Tasks.Extensions (>= 4.5.4) - restriction: && (< net6.0) (>= netstandard2.0)
    Microsoft.CodeAnalysis.CSharp (4.6) - restriction: >= netstandard2.0
      Microsoft.CodeAnalysis.Common (4.6) - restriction: >= netstandard2.0
    Microsoft.CodeAnalysis.CSharp.Scripting (4.6) - restriction: >= netstandard2.0
      Microsoft.CodeAnalysis.Common (4.6) - restriction: >= netstandard2.0
      Microsoft.CodeAnalysis.CSharp (4.6) - restriction: >= netstandard2.0
      Microsoft.CodeAnalysis.Scripting.Common (4.6) - restriction: >= netstandard2.0
      Microsoft.CSharp (>= 4.7) - restriction: >= netstandard2.0
    Microsoft.CodeAnalysis.Scripting.Common (4.6) - restriction: >= netstandard2.0
      Microsoft.CodeAnalysis.Common (4.6) - restriction: >= netstandard2.0
    Microsoft.CSharp (4.7) - restriction: >= netstandard2.0
    Microsoft.NET.StringTools (17.7) - restriction: >= netstandard2.0
      System.Memory (>= 4.5.5) - restriction: || (>= net472) (&& (< net7.0) (>= netstandard2.0))
      System.Runtime.CompilerServices.Unsafe (>= 6.0) - restriction: || (>= net472) (&& (< net7.0) (>= netstandard2.0))
    Microsoft.Win32.SystemEvents (7.0) - restriction: >= net6.0
    SilkyFowl.Avalonia.FuncUI.LiveView (0.0.1.1)
      Avalonia.Desktop (>= 11.0)
      Avalonia.Diagnostics (>= 11.0)
      Avalonia.FuncUI (1.0.1)
      Avalonia.FuncUI.Elmish (1.0.1)
      FSharp.Compiler.Service (43.7.300)
      MessagePack.FSharpExtensions (>= 4.0)
    SkiaSharp (2.88.3) - restriction: >= netstandard2.0
      SkiaSharp.NativeAssets.Android (>= 2.88.3) - restriction: || (&& (>= monoandroid) (< netstandard1.3)) (>= net6.0-android)
      SkiaSharp.NativeAssets.iOS (>= 2.88.3) - restriction: || (&& (< net6.0) (>= xamarinios)) (>= net6.0-ios)
      SkiaSharp.NativeAssets.macOS (>= 2.88.3) - restriction: || (&& (< monoandroid) (< net5.0) (>= netcoreapp3.1) (< xamarinios) (< xamarinmac) (< xamarintvos) (< xamarinwatchos)) (&& (< monoandroid) (>= net6.0) (< xamarinios) (< xamarinmac) (< xamarintvos) (< xamarinwatchos)) (&& (< monoandroid) (>= netstandard1.3) (< netstandard2.0) (< uap10.1) (< xamarintvos) (< xamarinwatchos)) (>= net462) (&& (>= net5.0) (< net6.0) (< xamarinios) (< xamarinmac) (< xamarintvos) (< xamarinwatchos)) (&& (< net6.0) (>= xamarinmac)) (>= net6.0-macos) (&& (< netcoreapp3.1) (>= netstandard2.1) (< xamarinios) (< xamarinmac) (< xamarintvos) (< xamarinwatchos)) (&& (>= netstandard2.0) (< netstandard2.1) (< xamarintvos) (< xamarinwatchos))
      SkiaSharp.NativeAssets.tvOS (>= 2.88.3) - restriction: || (&& (< net6.0) (>= xamarintvos)) (>= net6.0-tvos)
      SkiaSharp.NativeAssets.watchOS (>= 2.88.3) - restriction: >= xamarinwatchos
      SkiaSharp.NativeAssets.Win32 (>= 2.88.3) - restriction: || (&& (< monoandroid) (< net5.0) (>= netcoreapp3.1) (< xamarinios) (< xamarinmac) (< xamarintvos) (< xamarinwatchos)) (&& (< monoandroid) (>= net6.0) (< xamarinios) (< xamarinmac) (< xamarintvos) (< xamarinwatchos)) (&& (< monoandroid) (>= netstandard1.3) (< netstandard2.0) (< uap10.1) (< xamarintvos) (< xamarinwatchos)) (>= net462) (&& (>= net5.0) (< net6.0) (< xamarinios) (< xamarinmac) (< xamarintvos) (< xamarinwatchos)) (&& (< netcoreapp3.1) (>= netstandard2.1) (< xamarinios) (< xamarinmac) (< xamarintvos) (< xamarinwatchos)) (&& (>= netstandard2.0) (< netstandard2.1) (< xamarintvos) (< xamarinwatchos))
      System.Memory (>= 4.5.3) - restriction: || (&& (< monoandroid) (>= netstandard1.3) (< netstandard2.0) (< xamarintvos) (< xamarinwatchos)) (>= net462) (&& (>= netstandard2.0) (< netstandard2.1) (< xamarintvos) (< xamarinwatchos)) (>= tizen4.0) (>= uap10.1)
    SkiaSharp.NativeAssets.Android (2.88.3) - restriction: || (&& (>= monoandroid) (< netstandard1.3) (>= netstandard2.0)) (>= net6.0-android)
    SkiaSharp.NativeAssets.iOS (2.88.3) - restriction: || (&& (< net6.0) (>= xamarinios)) (>= net6.0-ios)
    SkiaSharp.NativeAssets.Linux (2.88.3) - restriction: >= netstandard2.0
      SkiaSharp (>= 2.88.3) - restriction: >= netstandard1.3
    SkiaSharp.NativeAssets.macOS (2.88.3) - restriction: || (&& (< monoandroid) (< net5.0) (>= netcoreapp3.1) (< xamarinios) (< xamarinmac) (< xamarintvos) (< xamarinwatchos)) (&& (< monoandroid) (>= net6.0) (< xamarinios) (< xamarinmac) (< xamarintvos) (< xamarinwatchos)) (&& (>= net462) (>= netstandard2.0)) (&& (>= net5.0) (< net6.0) (< xamarinios) (< xamarinmac) (< xamarintvos) (< xamarinwatchos)) (&& (< net6.0) (>= xamarinmac)) (>= net6.0-macos) (&& (< netcoreapp3.1) (>= netstandard2.1) (< xamarinios) (< xamarinmac) (< xamarintvos) (< xamarinwatchos)) (&& (>= netstandard2.0) (< netstandard2.1) (< xamarintvos) (< xamarinwatchos))
    SkiaSharp.NativeAssets.tvOS (2.88.3) - restriction: || (&& (< net6.0) (>= netstandard2.0) (>= xamarintvos)) (>= net6.0-tvos)
    SkiaSharp.NativeAssets.watchOS (2.88.3) - restriction: && (>= netstandard2.0) (>= xamarinwatchos)
    SkiaSharp.NativeAssets.WebAssembly (2.88.3) - restriction: >= netstandard2.0
    SkiaSharp.NativeAssets.Win32 (2.88.3) - restriction: || (&& (< monoandroid) (< net5.0) (>= netcoreapp3.1) (< xamarinios) (< xamarinmac) (< xamarintvos) (< xamarinwatchos)) (&& (< monoandroid) (>= net6.0) (< xamarinios) (< xamarinmac) (< xamarintvos) (< xamarinwatchos)) (&& (>= net462) (>= netstandard2.0)) (&& (>= net5.0) (< net6.0) (< xamarinios) (< xamarinmac) (< xamarintvos) (< xamarinwatchos)) (&& (< netcoreapp3.1) (>= netstandard2.1) (< xamarinios) (< xamarinmac) (< xamarintvos) (< xamarinwatchos)) (&& (>= netstandard2.0) (< netstandard2.1) (< xamarintvos) (< xamarinwatchos))
    System.Buffers (4.5.1) - restriction: >= netstandard2.0
    System.Collections.Immutable (7.0) - restriction: >= netstandard2.0
      System.Memory (>= 4.5.5) - restriction: || (>= net462) (&& (< net6.0) (>= netstandard2.0))
      System.Runtime.CompilerServices.Unsafe (>= 6.0) - restriction: || (>= net462) (&& (>= net6.0) (< net7.0)) (&& (< net6.0) (>= netstandard2.0))
    System.ComponentModel.Annotations (5.0) - restriction: >= netstandard2.0
    System.Diagnostics.DiagnosticSource (7.0.2) - restriction: >= netstandard2.0
      System.Memory (>= 4.5.5) - restriction: || (>= net462) (&& (< net6.0) (>= netstandard2.0))
      System.Runtime.CompilerServices.Unsafe (>= 6.0) - restriction: || (>= net462) (&& (>= net6.0) (< net7.0)) (&& (< net6.0) (>= netstandard2.0))
    System.Drawing.Common (7.0) - restriction: >= netstandard2.0
      Microsoft.Win32.SystemEvents (>= 7.0) - restriction: >= net6.0
    System.IO.Pipelines (7.0) - restriction: >= netstandard2.0
      System.Buffers (>= 4.5.1) - restriction: || (>= net462) (&& (< net6.0) (>= netstandard2.0))
      System.Memory (>= 4.5.5) - restriction: || (>= net462) (&& (< net6.0) (>= netstandard2.0))
      System.Threading.Tasks.Extensions (>= 4.5.4) - restriction: || (>= net462) (&& (< net6.0) (>= netstandard2.0))
    System.Memory (4.5.5) - restriction: >= netstandard2.0
      System.Buffers (>= 4.5.1) - restriction: || (&& (>= monoandroid) (< netstandard1.1)) (&& (< monoandroid) (< net45) (>= netstandard1.1) (< netstandard2.0) (< win8) (< wpa81)) (&& (< monoandroid) (< netstandard1.1) (>= portable-net45+win8+wpa81) (< win8)) (>= monotouch) (&& (>= net45) (< netstandard2.0)) (&& (< net45) (< netcoreapp2.0) (>= netstandard2.0)) (>= net461) (&& (< netstandard1.1) (>= win8)) (&& (< netstandard2.0) (< uap10.1) (>= wpa81)) (>= xamarinios) (>= xamarinmac) (>= xamarintvos) (>= xamarinwatchos)
      System.Numerics.Vectors (>= 4.4) - restriction: && (< net45) (< netcoreapp2.0) (>= netstandard2.0) (< xamarinios) (< xamarinmac) (< xamarintvos) (< xamarinwatchos)
      System.Numerics.Vectors (>= 4.5) - restriction: >= net461
      System.Runtime.CompilerServices.Unsafe (>= 4.5.3) - restriction: || (&& (>= monoandroid) (< netstandard1.1)) (&& (< monoandroid) (< net45) (>= netstandard1.1) (< netstandard2.0) (< win8) (< wpa81)) (&& (< monoandroid) (>= netcoreapp2.0) (< netcoreapp2.1)) (&& (< monoandroid) (< netstandard1.1) (>= portable-net45+win8+wpa81) (< win8)) (>= monotouch) (&& (>= net45) (< netstandard2.0)) (&& (< net45) (< netcoreapp2.0) (>= netstandard2.0)) (>= net461) (&& (< netstandard1.1) (>= win8)) (&& (< netstandard2.0) (>= wpa81)) (>= uap10.1) (>= xamarinios) (>= xamarinmac) (>= xamarintvos) (>= xamarinwatchos)
    System.Numerics.Vectors (4.5) - restriction: >= netstandard2.0
    System.Reflection.Emit (4.7) - restriction: >= netstandard2.0
      System.Reflection.Emit.ILGeneration (>= 4.7) - restriction: || (&& (< monoandroid) (< monotouch) (< net45) (>= netstandard1.1) (< netstandard2.0) (< win8) (< wpa81) (< xamarintvos) (< xamarinwatchos)) (&& (< monoandroid) (< net45) (< netcoreapp2.0) (>= netstandard2.0) (< netstandard2.1) (< xamarintvos) (< xamarinwatchos)) (&& (< monoandroid) (< netstandard1.1) (>= portable-net45+win8+wpa81) (< win8)) (&& (< netstandard1.1) (>= win8)) (&& (< netstandard2.0) (>= wpa81)) (>= uap10.1)
    System.Reflection.Emit.ILGeneration (4.7) - restriction: || (&& (< monoandroid) (< net45) (< netcoreapp2.0) (>= netstandard2.0) (< netstandard2.1) (< xamarintvos) (< xamarinwatchos)) (&& (< monoandroid) (< netstandard1.1) (>= netstandard2.0) (< win8)) (&& (< netstandard1.1) (>= netstandard2.0) (>= win8)) (&& (>= netstandard2.0) (>= uap10.1))
    System.Reflection.Emit.Lightweight (4.7) - restriction: && (< net6.0) (>= netstandard2.0)
      System.Reflection.Emit.ILGeneration (>= 4.7) - restriction: || (&& (< monoandroid) (< monotouch) (< net45) (>= netstandard1.0) (< netstandard2.0) (< win8) (< wp8) (< wpa81) (< xamarintvos) (< xamarinwatchos)) (&& (< monoandroid) (< net45) (< netcoreapp2.0) (>= netstandard2.0) (< netstandard2.1) (< xamarintvos) (< xamarinwatchos)) (&& (< netstandard2.0) (>= wpa81)) (&& (>= portable-net45+win8+wp8+wpa81) (< portable-net45+wp8) (< win8)) (&& (< portable-net45+wp8) (>= win8)) (>= uap10.1)
    System.Reflection.Metadata (7.0.2) - restriction: >= netstandard2.0
      System.Collections.Immutable (>= 7.0) - restriction: || (>= net462) (>= netstandard2.0)
      System.Memory (>= 4.5.5) - restriction: || (>= net462) (&& (< net6.0) (>= netstandard2.0))
    System.Runtime.CompilerServices.Unsafe (6.0) - restriction: || (&& (< monoandroid) (>= netcoreapp2.0) (< netcoreapp2.1)) (&& (< monoandroid) (>= netcoreapp2.0) (< netstandard1.0)) (&& (< monoandroid) (>= netcoreapp2.0) (< xamarintvos) (< xamarinwatchos)) (&& (>= net45) (>= netcoreapp2.0)) (&& (>= net461) (>= netcoreapp2.0)) (&& (>= net6.0) (< net7.0)) (&& (< net6.0) (>= netcoreapp2.0)) (&& (>= netcoreapp2.0) (< netcoreapp2.1) (< xamarinios) (< xamarinmac) (< xamarintvos) (< xamarinwatchos)) (&& (>= netcoreapp2.0) (< netstandard1.0) (>= win8)) (&& (>= netcoreapp2.0) (>= wp8)) (&& (>= netcoreapp2.0) (>= wpa81)) (>= netstandard2.0)
    System.Text.Encoding.CodePages (7.0) - restriction: >= netstandard2.0
      System.Memory (>= 4.5.5) - restriction: || (>= net462) (&& (< net6.0) (>= netstandard2.0))
      System.Runtime.CompilerServices.Unsafe (>= 6.0) - restriction: || (>= net462) (&& (>= net6.0) (< net7.0)) (&& (< net6.0) (>= netstandard2.0))
    System.Threading.Channels (7.0) - restriction: || (&& (< net6.0) (>= netstandard2.1)) (&& (>= netstandard2.0) (< netstandard2.1))
      System.Threading.Tasks.Extensions (>= 4.5.4) - restriction: || (>= net462) (&& (>= netstandard2.0) (< netstandard2.1))
    System.Threading.Tasks.Extensions (4.5.4) - restriction: || (&& (>= net461) (>= netstandard2.0)) (&& (>= net462) (>= netcoreapp2.0)) (&& (>= net462) (>= netstandard2.0)) (&& (< net6.0) (>= netcoreapp2.0)) (&& (>= netcoreapp2.0) (< netstandard2.1)) (&& (< netcoreapp2.0) (>= netstandard2.0))
      System.Runtime.CompilerServices.Unsafe (>= 4.5.3) - restriction: || (&& (< monoandroid) (< monotouch) (< net45) (>= netstandard1.0) (< netstandard2.0) (< win8) (< wpa81) (< xamarintvos) (< xamarinwatchos)) (&& (< monoandroid) (< netstandard1.0) (>= portable-net45+win8+wp8+wpa81) (< win8)) (&& (>= net45) (< netstandard2.0)) (&& (< net45) (< netcoreapp2.1) (>= netstandard2.0) (< xamarinios) (< xamarinmac) (< xamarintvos) (< xamarinwatchos)) (>= net461) (&& (< netstandard1.0) (>= win8)) (&& (< netstandard2.0) (>= wpa81)) (>= wp8)
    System.ValueTuple (4.5) - restriction: || (&& (>= net461) (>= netstandard2.0)) (&& (< net6.0) (>= netcoreapp2.0)) (&& (< netcoreapp2.0) (>= netstandard2.0))
    Tmds.DBus.Protocol (0.15) - restriction: >= netstandard2.0
      Microsoft.Bcl.AsyncInterfaces (>= 6.0) - restriction: || (&& (< net6.0) (>= netstandard2.1)) (&& (>= netstandard2.0) (< netstandard2.1))
      System.IO.Pipelines (>= 6.0) - restriction: >= netstandard2.0
      System.Threading.Channels (>= 6.0) - restriction: || (&& (< net6.0) (>= netstandard2.1)) (&& (>= netstandard2.0) (< netstandard2.1))

GROUP Analyzers
NUGET
  remote: https://api.nuget.org/v3/index.json
    SilkyFowl.Avalonia.FuncUI.LiveView.Analyzer (0.0.1.1)
